GEM
  specs:

GEM
  remote: https://rubygems.org/
  specs:
    edamam-ruby (0.2.0)
    httparty (0.21.0)
      mini_mime (>= 1.0.0)
      multi_xml (>= 0.5.2)
    mini_mime (1.1.2)
    multi_xml (0.6.0)
    mustermann (1.0.3)
    rack (2.0.7)
    rack-protection (2.0.5)
      rack
    sinatra (2.0.5)
      mustermann (~> 1.0)
      rack (~> 2.0)
      rack-protection (= 2.0.5)
      tilt (~> 2.0)
    tilt (2.0.9)

PLATFORMS
  x64-mingw32
  x86_64-linux

DEPENDENCIES
  edamam-ruby!
  httparty!
  sinatra!

BUNDLED WITH
   2.0.2
